GENERATE-LOAD-SCRIPTS: ON
STORAGE: NONE
RESTRICTION: || (== net7.0) (== netstandard2.0) (== netstandard2.1)
NUGET
  remote: https://api.nuget.org/v3/index.json
    Baseline (4.1)
      ImTools (>= 4.0)
    BaselineTypeDiscovery (2.0)
      System.Runtime.Loader (>= 4.3) - restriction: || (&& (== net7.0) (< net5.0)) (&& (== net7.0) (< netstandard2.1)) (== netstandard2.0) (== netstandard2.1)
    Dapper (2.0.123) - restriction: || (== net7.0) (&& (== netstandard2.0) (>= net6.0)) (&& (== netstandard2.1) (>= net6.0))
    Dapper.FSharp (4.5)
      Dapper (>= 2.0.123) - restriction: || (== net7.0) (&& (== netstandard2.0) (>= net6.0)) (&& (== netstandard2.1) (>= net6.0))
      FSharp.Core (>= 6.0.7) - restriction: || (== net7.0) (&& (== netstandard2.0) (>= net6.0)) (&& (== netstandard2.1) (>= net6.0))
    FSharp.Core (7.0.200)
    FSharp.Data (6.2)
      FSharp.Core (>= 5.0.1)
      FSharp.Data.Csv.Core (>= 6.2)
      FSharp.Data.Html.Core (>= 6.2)
      FSharp.Data.Http (>= 6.2)
      FSharp.Data.Json.Core (>= 6.2)
      FSharp.Data.Runtime.Utilities (>= 6.2)
      FSharp.Data.WorldBank.Core (>= 6.2)
      FSharp.Data.Xml.Core (>= 6.2)
    FSharp.Data.Csv.Core (6.2)
      FSharp.Core (>= 5.0.1)
      FSharp.Data.Runtime.Utilities (>= 6.2)
    FSharp.Data.Html.Core (6.2)
      FSharp.Core (>= 5.0.1)
      FSharp.Data.Csv.Core (>= 6.2)
      FSharp.Data.Runtime.Utilities (>= 6.2)
    FSharp.Data.Http (6.2)
      FSharp.Core (>= 5.0.1)
    FSharp.Data.Json.Core (6.2)
      FSharp.Core (>= 5.0.1)
      FSharp.Data.Http (>= 6.2)
      FSharp.Data.Runtime.Utilities (>= 6.2)
    FSharp.Data.LiteralProviders (1.0.3)
      FSharp.Core (>= 4.5)
    FSharp.Data.Runtime.Utilities (6.2)
      FSharp.Core (>= 5.0.1)
      FSharp.Data.Http (>= 6.2)
    FSharp.Data.WorldBank.Core (6.2)
      FSharp.Core (>= 5.0.1)
      FSharp.Data.Http (>= 6.2)
      FSharp.Data.Json.Core (>= 6.2)
      FSharp.Data.Runtime.Utilities (>= 6.2)
    FSharp.Data.Xml.Core (6.2)
      FSharp.Core (>= 5.0.1)
      FSharp.Data.Http (>= 6.2)
      FSharp.Data.Json.Core (>= 6.2)
      FSharp.Data.Runtime.Utilities (>= 6.2)
    Humanizer.Core (2.14.1)
    ImTools (4.0)
    LamarCodeGeneration (6.3)
      Microsoft.Bcl.AsyncInterfaces (>= 5.0) - restriction: || (&& (== net7.0) (< net6.0)) (== netstandard2.0) (== netstandard2.1)
      System.Reflection.Emit.Lightweight (>= 4.7)
      System.Threading.Tasks.Extensions (>= 4.5.4)
      System.ValueTuple (>= 4.5)
    LamarCompiler (6.3)
      BaselineTypeDiscovery (>= 1.1.3)
      LamarCodeGeneration (>= 6.3)
      Microsoft.CodeAnalysis (>= 4.3.1)
      Microsoft.CodeAnalysis.CSharp (>= 4.3.1)
      Microsoft.CodeAnalysis.Scripting (>= 4.3.1)
      Microsoft.Extensions.Logging.Abstractions (>= 3.0 < 8.0)
      System.Reflection.Emit.Lightweight (>= 4.7) - restriction: || (&& (== net7.0) (< net6.0)) (== netstandard2.0) (== netstandard2.1)
      System.Runtime.Loader (>= 4.3) - restriction: || (&& (== net7.0) (< net6.0)) (== netstandard2.0) (== netstandard2.1)
    Marten (4.0.4)
      BaselineTypeDiscovery (>= 1.1.2)
      LamarCodeGeneration (>= 3.2.2)
      LamarCompiler (>= 3.0.4)
      Microsoft.Extensions.DependencyInjection.Abstractions (>= 2.1 <= 6.0)
      Microsoft.Extensions.Hosting.Abstractions (>= 2.1 <= 6.0)
      Microsoft.Extensions.Logging.Abstractions (>= 2.1 <= 6.0)
      Newtonsoft.Json (>= 12.0.3)
      Npgsql.Json.NET (>= 5.0.7)
      Remotion.Linq (>= 2.2)
      System.Memory (>= 4.5.4)
      System.Reflection.Emit.Lightweight (>= 4.7)
      System.Text.Json (>= 5.0.2)
      System.Threading.Tasks.Dataflow (>= 5.0)
      Weasel.Postgresql (>= 1.0.6)
    Microsoft.Bcl.AsyncInterfaces (7.0)
      System.Threading.Tasks.Extensions (>= 4.5.4) - restriction: || (&& (== net7.0) (>= net462)) (&& (== net7.0) (< netstandard2.1)) (== netstandard2.0) (&& (== netstandard2.1) (>= net462))
    Microsoft.CodeAnalysis (4.5)
      Microsoft.CodeAnalysis.CSharp.Workspaces (4.5)
      Microsoft.CodeAnalysis.VisualBasic.Workspaces (4.5)
    Microsoft.CodeAnalysis.Analyzers (3.3.4)
    Microsoft.CodeAnalysis.Common (4.5)
      Microsoft.CodeAnalysis.Analyzers (>= 3.3.3)
      System.Collections.Immutable (>= 6.0)
      System.Memory (>= 4.5.5) - restriction: || (&& (== net7.0) (< netcoreapp3.1)) (== netstandard2.0) (== netstandard2.1)
      System.Reflection.Metadata (>= 6.0.1)
      System.Runtime.CompilerServices.Unsafe (>= 6.0)
      System.Text.Encoding.CodePages (>= 6.0)
      System.Threading.Tasks.Extensions (>= 4.5.4) - restriction: || (&& (== net7.0) (< netcoreapp3.1)) (== netstandard2.0) (== netstandard2.1)
    Microsoft.CodeAnalysis.CSharp (4.5)
      Microsoft.CodeAnalysis.Common (4.5)
    Microsoft.CodeAnalysis.CSharp.Scripting (4.5)
      Microsoft.CodeAnalysis.Common (4.5)
      Microsoft.CodeAnalysis.CSharp (4.5)
      Microsoft.CodeAnalysis.Scripting.Common (4.5)
      Microsoft.CSharp (>= 4.7)
    Microsoft.CodeAnalysis.CSharp.Workspaces (4.5)
      Humanizer.Core (>= 2.14.1)
      Microsoft.CodeAnalysis.Common (4.5)
      Microsoft.CodeAnalysis.CSharp (4.5)
      Microsoft.CodeAnalysis.Workspaces.Common (4.5)
    Microsoft.CodeAnalysis.Scripting (4.5)
      Microsoft.CodeAnalysis.CSharp.Scripting (4.5)
    Microsoft.CodeAnalysis.Scripting.Common (4.5)
      Microsoft.CodeAnalysis.Common (4.5)
    Microsoft.CodeAnalysis.VisualBasic (4.5)
      Microsoft.CodeAnalysis.Common (4.5)
    Microsoft.CodeAnalysis.VisualBasic.Workspaces (4.5)
      Microsoft.CodeAnalysis.Common (4.5)
      Microsoft.CodeAnalysis.VisualBasic (4.5)
      Microsoft.CodeAnalysis.Workspaces.Common (4.5)
    Microsoft.CodeAnalysis.Workspaces.Common (4.5)
      Humanizer.Core (>= 2.14.1)
      Microsoft.Bcl.AsyncInterfaces (>= 6.0)
      Microsoft.CodeAnalysis.Common (4.5)
      System.Composition (>= 6.0)
      System.IO.Pipelines (>= 6.0.3)
      System.Threading.Channels (>= 6.0)
    Microsoft.CSharp (4.7)
    Microsoft.Extensions.Configuration.Abstractions (7.0)
      Microsoft.Extensions.Primitives (>= 7.0)
    Microsoft.Extensions.DependencyInjection.Abstractions (6.0)
      Microsoft.Bcl.AsyncInterfaces (>= 6.0) - restriction: || (&& (== net7.0) (>= net461)) (&& (== net7.0) (< netstandard2.1)) (== netstandard2.0) (&& (== netstandard2.1) (>= net461))
      System.Threading.Tasks.Extensions (>= 4.5.4) - restriction: || (&& (== net7.0) (>= net461)) (&& (== net7.0) (< netstandard2.1)) (== netstandard2.0) (&& (== netstandard2.1) (>= net461))
    Microsoft.Extensions.FileProviders.Abstractions (7.0)
      Microsoft.Extensions.Primitives (>= 7.0)
    Microsoft.Extensions.Hosting.Abstractions (6.0)
      Microsoft.Bcl.AsyncInterfaces (>= 6.0) - restriction: || (&& (== net7.0) (>= net461)) (&& (== net7.0) (< netstandard2.1)) (== netstandard2.0) (&& (== netstandard2.1) (>= net461))
      Microsoft.Extensions.Configuration.Abstractions (>= 6.0)
      Microsoft.Extensions.DependencyInjection.Abstractions (>= 6.0)
      Microsoft.Extensions.FileProviders.Abstractions (>= 6.0)
      System.Runtime.CompilerServices.Unsafe (>= 6.0) - restriction: || (&& (== net7.0) (>= net461)) (&& (== net7.0) (< netstandard2.1)) (== netstandard2.0) (&& (== netstandard2.1) (>= net461))
      System.Threading.Tasks.Extensions (>= 4.5.4) - restriction: || (&& (== net7.0) (>= net461)) (&& (== net7.0) (< netstandard2.1)) (== netstandard2.0) (&& (== netstandard2.1) (>= net461))
    Microsoft.Extensions.Logging.Abstractions (6.0)
      System.Buffers (>= 4.5.1) - restriction: || (&& (== net7.0) (>= net461)) (&& (== net7.0) (< net6.0)) (== netstandard2.0) (== netstandard2.1)
      System.Memory (>= 4.5.4) - restriction: || (&& (== net7.0) (>= net461)) (&& (== net7.0) (< net6.0)) (== netstandard2.0) (== netstandard2.1)
    Microsoft.Extensions.Primitives (7.0)
      System.Memory (>= 4.5.5) - restriction: || (&& (== net7.0) (>= net462)) (&& (== net7.0) (< net6.0)) (== netstandard2.0) (== netstandard2.1)
      System.Runtime.CompilerServices.Unsafe (>= 6.0) - restriction: || (&& (== net7.0) (>= net462)) (&& (== net7.0) (< net6.0)) (== netstandard2.0) (== netstandard2.1)
    Microsoft.NETCore.Platforms (7.0.2)
    Microsoft.NETCore.Targets (5.0)
    Newtonsoft.Json (13.0.3)
    Npgsql (7.0.4)
      Microsoft.Extensions.Logging.Abstractions (>= 6.0)
    Npgsql.FSharp (5.7)
      FSharp.Core (>= 6.0) - restriction: || (== net7.0) (&& (== netstandard2.0) (>= net6.0)) (&& (== netstandard2.1) (>= net6.0))
      Npgsql (>= 7.0.1) - restriction: || (== net7.0) (&& (== netstandard2.0) (>= net6.0)) (&& (== netstandard2.1) (>= net6.0))
    Npgsql.Json.NET (7.0.4)
      Newtonsoft.Json (>= 13.0.1)
      Npgsql (>= 7.0.4)
    Remotion.Linq (2.2)
      System.Collections (>= 4.0.11)
      System.Diagnostics.Debug (>= 4.0.11)
      System.Linq (>= 4.1)
      System.Linq.Expressions (>= 4.1)
      System.Linq.Queryable (>= 4.0.1)
      System.ObjectModel (>= 4.0.12)
      System.Reflection (>= 4.1)
      System.Reflection.Extensions (>= 4.0.1)
      System.Runtime (>= 4.1)
      System.Runtime.Extensions (>= 4.1)
      System.Threading (>= 4.0.11)
    System.Buffers (4.5.1) - restriction: || (&& (== net7.0) (>= net461)) (&& (== net7.0) (< net6.0)) (== netstandard2.0) (== netstandard2.1)
    System.Collections (4.3)
      Microsoft.NETCore.Platforms (>= 1.1)
      Microsoft.NETCore.Targets (>= 1.1)
      System.Runtime (>= 4.3)
    System.Collections.Immutable (7.0)
      System.Memory (>= 4.5.5) - restriction: || (&& (== net7.0) (>= net462)) (&& (== net7.0) (< net6.0)) (== netstandard2.0) (== netstandard2.1)
      System.Runtime.CompilerServices.Unsafe (>= 6.0) - restriction: || (&& (== net7.0) (>= net462)) (&& (== net7.0) (< net6.0)) (== netstandard2.0) (== netstandard2.1)
    System.Composition (7.0)
      System.Composition.AttributedModel (>= 7.0)
      System.Composition.Convention (>= 7.0)
      System.Composition.Hosting (>= 7.0)
      System.Composition.Runtime (>= 7.0)
      System.Composition.TypedParts (>= 7.0)
    System.Composition.AttributedModel (7.0)
    System.Composition.Convention (7.0)
      System.Composition.AttributedModel (>= 7.0)
    System.Composition.Hosting (7.0)
      System.Composition.Runtime (>= 7.0)
    System.Composition.Runtime (7.0)
    System.Composition.TypedParts (7.0)
      System.Composition.AttributedModel (>= 7.0)
      System.Composition.Hosting (>= 7.0)
      System.Composition.Runtime (>= 7.0)
    System.Diagnostics.Debug (4.3)
      Microsoft.NETCore.Platforms (>= 1.1)
      Microsoft.NETCore.Targets (>= 1.1)
      System.Runtime (>= 4.3)
    System.Globalization (4.3)
      Microsoft.NETCore.Platforms (>= 1.1)
      Microsoft.NETCore.Targets (>= 1.1)
      System.Runtime (>= 4.3)
    System.IO (4.3)
      Microsoft.NETCore.Platforms (>= 1.1)
      Microsoft.NETCore.Targets (>= 1.1)
      System.Runtime (>= 4.3)
      System.Text.Encoding (>= 4.3)
      System.Threading.Tasks (>= 4.3)
    System.IO.Pipelines (7.0)
      System.Buffers (>= 4.5.1) - restriction: || (&& (== net7.0) (>= net462)) (&& (== net7.0) (< net6.0)) (== netstandard2.0) (== netstandard2.1)
      System.Memory (>= 4.5.5) - restriction: || (&& (== net7.0) (>= net462)) (&& (== net7.0) (< net6.0)) (== netstandard2.0) (== netstandard2.1)
      System.Threading.Tasks.Extensions (>= 4.5.4) - restriction: || (&& (== net7.0) (>= net462)) (&& (== net7.0) (< net6.0)) (== netstandard2.0) (== netstandard2.1)
    System.Linq (4.3)
      System.Collections (>= 4.3)
      System.Diagnostics.Debug (>= 4.3)
      System.Resources.ResourceManager (>= 4.3)
      System.Runtime (>= 4.3)
      System.Runtime.Extensions (>= 4.3)
    System.Linq.Expressions (4.3)
      System.Collections (>= 4.3)
      System.Diagnostics.Debug (>= 4.3)
      System.Globalization (>= 4.3)
      System.IO (>= 4.3)
      System.Linq (>= 4.3)
      System.ObjectModel (>= 4.3)
      System.Reflection (>= 4.3)
      System.Reflection.Emit (>= 4.3)
      System.Reflection.Emit.ILGeneration (>= 4.3)
      System.Reflection.Emit.Lightweight (>= 4.3)
      System.Reflection.Extensions (>= 4.3)
      System.Reflection.Primitives (>= 4.3)
      System.Reflection.TypeExtensions (>= 4.3)
      System.Resources.ResourceManager (>= 4.3)
      System.Runtime (>= 4.3)
      System.Runtime.Extensions (>= 4.3)
      System.Threading (>= 4.3)
    System.Linq.Queryable (4.3)
      System.Collections (>= 4.3)
      System.Diagnostics.Debug (>= 4.3)
      System.Linq (>= 4.3)
      System.Linq.Expressions (>= 4.3)
      System.Reflection (>= 4.3)
      System.Reflection.Extensions (>= 4.3)
      System.Resources.ResourceManager (>= 4.3)
      System.Runtime (>= 4.3)
    System.Memory (4.5.5)
      System.Buffers (>= 4.5.1) - restriction: || (&& (== net7.0) (>= monotouch)) (&& (== net7.0) (>= net461)) (&& (== net7.0) (< netcoreapp2.0)) (&& (== net7.0) (< netstandard1.1)) (&& (== net7.0) (< netstandard2.0)) (&& (== net7.0) (>= xamarinios)) (&& (== net7.0) (>= xamarinmac)) (&& (== net7.0) (>= xamarintvos)) (&& (== net7.0) (>= xamarinwatchos)) (== netstandard2.0) (== netstandard2.1)
      System.Numerics.Vectors (>= 4.4) - restriction: || (&& (== net7.0) (< netcoreapp2.0)) (== netstandard2.0) (== netstandard2.1)
      System.Runtime.CompilerServices.Unsafe (>= 4.5.3) - restriction: || (&& (== net7.0) (>= monotouch)) (&& (== net7.0) (>= net461)) (&& (== net7.0) (< netcoreapp2.0)) (&& (== net7.0) (< netcoreapp2.1)) (&& (== net7.0) (< netstandard1.1)) (&& (== net7.0) (< netstandard2.0)) (&& (== net7.0) (>= uap10.1)) (&& (== net7.0) (>= xamarinios)) (&& (== net7.0) (>= xamarinmac)) (&& (== net7.0) (>= xamarintvos)) (&& (== net7.0) (>= xamarinwatchos)) (== netstandard2.0) (== netstandard2.1)
    System.Numerics.Vectors (4.5) - restriction: || (&& (== net7.0) (>= net462)) (&& (== net7.0) (< net6.0)) (== netstandard2.0) (== netstandard2.1)
    System.ObjectModel (4.3)
      System.Collections (>= 4.3)
      System.Diagnostics.Debug (>= 4.3)
      System.Resources.ResourceManager (>= 4.3)
      System.Runtime (>= 4.3)
      System.Threading (>= 4.3)
    System.Reflection (4.3)
      Microsoft.NETCore.Platforms (>= 1.1)
      Microsoft.NETCore.Targets (>= 1.1)
      System.IO (>= 4.3)
      System.Reflection.Primitives (>= 4.3)
      System.Runtime (>= 4.3)
    System.Reflection.Emit (4.7)
      System.Reflection.Emit.ILGeneration (>= 4.7) - restriction: || (&& (== net7.0) (< netcoreapp2.0) (< netstandard2.1)) (&& (== net7.0) (< netstandard1.1)) (&& (== net7.0) (< netstandard2.0)) (&& (== net7.0) (>= uap10.1)) (== netstandard2.0) (&& (== netstandard2.1) (< netstandard1.1)) (&& (== netstandard2.1) (< netstandard2.0)) (&& (== netstandard2.1) (>= uap10.1))
    System.Reflection.Emit.ILGeneration (4.7)
    System.Reflection.Emit.Lightweight (4.7)
      System.Reflection.Emit.ILGeneration (>= 4.7) - restriction: || (&& (== net7.0) (< netcoreapp2.0) (< netstandard2.1)) (&& (== net7.0) (< netstandard2.0)) (&& (== net7.0) (< portable-net45+wp8)) (&& (== net7.0) (>= uap10.1)) (== netstandard2.0) (&& (== netstandard2.1) (< netstandard2.0)) (&& (== netstandard2.1) (< portable-net45+wp8)) (&& (== netstandard2.1) (>= uap10.1))
    System.Reflection.Extensions (4.3)
      Microsoft.NETCore.Platforms (>= 1.1)
      Microsoft.NETCore.Targets (>= 1.1)
      System.Reflection (>= 4.3)
      System.Runtime (>= 4.3)
    System.Reflection.Metadata (7.0.1)
      System.Collections.Immutable (>= 7.0)
      System.Memory (>= 4.5.5) - restriction: || (&& (== net7.0) (>= net462)) (&& (== net7.0) (< net6.0)) (== netstandard2.0) (== netstandard2.1)
    System.Reflection.Primitives (4.3)
      Microsoft.NETCore.Platforms (>= 1.1)
      Microsoft.NETCore.Targets (>= 1.1)
      System.Runtime (>= 4.3)
    System.Reflection.TypeExtensions (4.7)
    System.Resources.ResourceManager (4.3)
      Microsoft.NETCore.Platforms (>= 1.1)
      Microsoft.NETCore.Targets (>= 1.1)
      System.Globalization (>= 4.3)
      System.Reflection (>= 4.3)
      System.Runtime (>= 4.3)
    System.Runtime (4.3.1)
      Microsoft.NETCore.Platforms (>= 1.1.1)
      Microsoft.NETCore.Targets (>= 1.1.3)
    System.Runtime.CompilerServices.Unsafe (6.0)
    System.Runtime.Extensions (4.3.1)
      Microsoft.NETCore.Platforms (>= 1.1.1)
      Microsoft.NETCore.Targets (>= 1.1.3)
      System.Runtime (>= 4.3.1)
    System.Runtime.Loader (4.3) - restriction: || (&& (== net7.0) (< net6.0)) (== netstandard2.0) (== netstandard2.1)
      System.IO (>= 4.3)
      System.Reflection (>= 4.3)
      System.Runtime (>= 4.3)
    System.Text.Encoding (4.3)
      Microsoft.NETCore.Platforms (>= 1.1)
      Microsoft.NETCore.Targets (>= 1.1)
      System.Runtime (>= 4.3)
    System.Text.Encoding.CodePages (7.0)
      System.Memory (>= 4.5.5) - restriction: || (&& (== net7.0) (>= net462)) (&& (== net7.0) (< net6.0)) (== netstandard2.0) (== netstandard2.1)
      System.Runtime.CompilerServices.Unsafe (>= 6.0) - restriction: || (&& (== net7.0) (>= net462)) (&& (== net7.0) (< net6.0)) (== netstandard2.0) (== netstandard2.1)
    System.Text.Encodings.Web (7.0)
      System.Buffers (>= 4.5.1) - restriction: || (&& (== net7.0) (>= net462)) (&& (== net7.0) (< net6.0)) (== netstandard2.0) (== netstandard2.1)
      System.Memory (>= 4.5.5) - restriction: || (&& (== net7.0) (>= net462)) (&& (== net7.0) (< net6.0)) (== netstandard2.0) (== netstandard2.1)
      System.Runtime.CompilerServices.Unsafe (>= 6.0) - restriction: || (&& (== net7.0) (>= net462)) (&& (== net7.0) (< net6.0)) (== netstandard2.0) (== netstandard2.1)
    System.Text.Json (7.0.2)
      Microsoft.Bcl.AsyncInterfaces (>= 7.0) - restriction: || (&& (== net7.0) (>= net462)) (&& (== net7.0) (< net6.0)) (== netstandard2.0) (== netstandard2.1)
      System.Buffers (>= 4.5.1) - restriction: || (&& (== net7.0) (>= net462)) (&& (== net7.0) (< net6.0)) (== netstandard2.0) (== netstandard2.1)
      System.Memory (>= 4.5.5) - restriction: || (&& (== net7.0) (>= net462)) (&& (== net7.0) (< net6.0)) (== netstandard2.0) (== netstandard2.1)
      System.Numerics.Vectors (>= 4.5) - restriction: || (&& (== net7.0) (>= net462)) (&& (== net7.0) (< net6.0)) (== netstandard2.0) (== netstandard2.1)
      System.Runtime.CompilerServices.Unsafe (>= 6.0) - restriction: || (&& (== net7.0) (>= net462)) (&& (== net7.0) (< net6.0)) (== netstandard2.0) (== netstandard2.1)
      System.Text.Encodings.Web (>= 7.0)
      System.Threading.Tasks.Extensions (>= 4.5.4) - restriction: || (&& (== net7.0) (>= net462)) (&& (== net7.0) (< net6.0)) (== netstandard2.0) (== netstandard2.1)
    System.Threading (4.3)
      System.Runtime (>= 4.3)
      System.Threading.Tasks (>= 4.3)
    System.Threading.Channels (7.0)
      System.Threading.Tasks.Extensions (>= 4.5.4) - restriction: || (&& (== net7.0) (>= net462)) (&& (== net7.0) (< netstandard2.1)) (== netstandard2.0) (&& (== netstandard2.1) (>= net462))
    System.Threading.Tasks (4.3)
      Microsoft.NETCore.Platforms (>= 1.1)
      Microsoft.NETCore.Targets (>= 1.1)
      System.Runtime (>= 4.3)
    System.Threading.Tasks.Dataflow (7.0)
    System.Threading.Tasks.Extensions (4.5.4)
      System.Runtime.CompilerServices.Unsafe (>= 4.5.3) - restriction: || (&& (== net7.0) (>= net461)) (&& (== net7.0) (< netcoreapp2.1)) (&& (== net7.0) (< netstandard1.0)) (&& (== net7.0) (< netstandard2.0)) (&& (== net7.0) (>= wp8)) (== netstandard2.0) (== netstandard2.1)
    System.ValueTuple (4.5)
    Weasel.Core (5.7.3)
      Baseline (>= 3.2.2)
      System.Threading.Tasks.Extensions (>= 4.5.4) - restriction: || (&& (== net7.0) (< net5.0)) (== netstandard2.0) (== netstandard2.1)
    Weasel.Postgresql (1.0.6)
      Npgsql (>= 5.0.7)
      Weasel.Core (>= 1.0.6)
